GEM
  remote: http://rubygems.org/
  specs:
    RubyInline (3.8.4)
      ZenTest
    ZenTest (4.0.0)
    aasm (3.0.16)
    abstract (1.0.0)
    actionmailer (3.0.20)
      actionpack (= 3.0.20)
      mail (~> 2.2.19)
    actionpack (3.0.20)
      activemodel (= 3.0.20)
      activesupport (= 3.0.20)
      builder (~> 2.1.2)
      erubis (~> 2.6.6)
      i18n (~> 0.5.0)
      rack (~> 1.2.5)
      rack-mount (~> 0.6.14)
      rack-test (~> 0.5.7)
      tzinfo (~> 0.3.23)
    activemodel (3.0.20)
      activesupport (= 3.0.20)
      builder (~> 2.1.2)
      i18n (~> 0.5.0)
    activerecord (3.0.20)
      activemodel (= 3.0.20)
      activesupport (= 3.0.20)
      arel (~> 2.0.10)
      tzinfo (~> 0.3.23)
    activeresource (3.0.20)
      activemodel (= 3.0.20)
      activesupport (= 3.0.20)
    activesupport (3.0.20)
    airbrake (3.1.7)
      activesupport
      builder
      json
    arel (2.0.10)
    astrails-safe (0.2.7)
      aws-s3
      cloudfiles
      net-sftp
    authlogic (3.2.0)
      activerecord (>= 3.0.0)
      activesupport (>= 3.0.0)
    aws-s3 (0.6.3)
      builder
      mime-types
      xml-simple
    builder (2.1.2)
    chronic (0.9.0)
    climate_control (0.0.3)
      activesupport (>= 3.0)
    cloudfiles (1.5.0.1)
      json
    cocaine (0.5.1)
      climate_control (>= 0.0.3, < 1.0)
    columnize (0.3.6)
    daemons (1.1.9)
    diff-lcs (1.1.3)
    erubis (2.6.6)
      abstract (>= 1.0.0)
    factory_girl (2.3.2)
      activesupport
    factory_girl_rails (1.4.0)
      factory_girl (~> 2.3.0)
      railties (>= 3.0.0)
    fast_gettext (0.7.0)
    fastercsv (1.5.5)
    fastthread (1.0.7)
    formtastic (2.2.1)
      actionpack (>= 3.0)
    gravtastic (2.2.0)
    haml (3.1.7)
    has_scope (0.5.1)
    high_voltage (1.2.1)
    hoe (2.8.0)
      rake (>= 0.8.7)
    i18n (0.5.0)
    image_science (1.2.1)
    inherited_resources (1.3.1)
      has_scope (~> 0.5.0)
      responders (~> 0.6)
    jquery-rails (2.2.0)
      railties (>= 3.0, < 5.0)
      thor (>= 0.14, < 2.0)
    json (1.7.6)
    linecache (0.46)
      rbx-require-relative (> 0.0.4)
    mail (2.2.19)
      activesupport (>= 2.3.6)
      i18n (>= 0.4.0)
      mime-types (~> 1.16)
      treetop (~> 1.4.8)
    metaclass (0.0.1)
    mime-types (1.19)
    mini_magick (3.4)
      subexec (~> 0.2.1)
    mocha (0.13.2)
      metaclass (~> 0.0.1)
    mysql (2.9.0)
    net-sftp (2.0.5)
      net-ssh (>= 2.0.9)
    net-ssh (2.6.3)
    nokogiri (1.5.6)
    open4 (1.3.0)
    paperclip (2.4.5)
      activerecord (>= 2.3.0)
      activesupport (>= 2.3.2)
      cocaine (>= 0.0.2)
      mime-types
    passenger (2.2.11)
      fastthread (>= 1.0.1)
      rack
      rake (>= 0.8.1)
    polyglot (0.3.3)
    query_trace (0.1.1)
      activerecord
    rack (1.2.6)
    rack-mount (0.6.14)
      rack (>= 1.0.0)
    rack-test (0.5.7)
      rack (>= 1.0)
    rails (3.0.20)
      actionmailer (= 3.0.20)
      actionpack (= 3.0.20)
      activerecord (= 3.0.20)
      activeresource (= 3.0.20)
      activesupport (= 3.0.20)
      bundler (~> 1.0)
      railties (= 3.0.20)
    railties (3.0.20)
      actionpack (= 3.0.20)
      activesupport (= 3.0.20)
      rake (>= 0.8.7)
      rdoc (~> 3.4)
      thor (~> 0.14.4)
    rake (0.8.7)
    rbx-require-relative (0.0.9)
    rdoc (3.12)
      json (~> 1.4)
    responders (0.6.5)
    riddle (1.5.4)
    rmagick (2.13.1)
    rspec (2.12.0)
      rspec-core (~> 2.12.0)
      rspec-expectations (~> 2.12.0)
      rspec-mocks (~> 2.12.0)
    rspec-core (2.12.2)
    rspec-expectations (2.12.1)
      diff-lcs (~> 1.1.3)
    rspec-mocks (2.12.2)
    rspec-rails (2.12.2)
      actionpack (>= 3.0)
      activesupport (>= 3.0)
      railties (>= 3.0)
      rspec-core (~> 2.12.0)
      rspec-expectations (~> 2.12.0)
      rspec-mocks (~> 2.12.0)
    rspec2-rails-views-matchers (0.2.2)
      nokogiri (>= 1.4.4)
      rspec (>= 2.0.0)
    ruby-debug (0.10.4)
      columnize (>= 0.1)
      ruby-debug-base (~> 0.10.4.0)
    ruby-debug-base (0.10.4)
      linecache (>= 0.3)
    ruby_parser (3.1.1)
      sexp_processor (~> 4.1)
    sass (3.2.5)
    sexp_processor (4.1.4)
    subexec (0.2.2)
    test-unit (1.2.3)
      hoe (>= 1.5.1)
    thinking-sphinx (2.0.14)
      activerecord (>= 3.0.3)
      builder (>= 2.1.2)
      riddle (>= 1.5.3)
    thor (0.14.6)
    treetop (1.4.12)
      polyglot
      polyglot (>= 0.3.1)
    tzinfo (0.3.35)
    vlad (1.4.0)
      open4
      rake (>= 0.8.1)
    whenever (0.8.2)
      activesupport (>= 2.3.4)
      chronic (>= 0.6.3)
    will_paginate (2.3.15)
    xml-simple (1.1.2)

PLATFORMS
  ruby

DEPENDENCIES
  RubyInline
  ZenTest (= 4.0.0)
  aasm
  airbrake
  astrails-safe
  authlogic
  aws-s3
  builder
  daemons
  factory_girl_rails (= 1.4.0)
  fast_gettext
  fastercsv
  formtastic
  gravtastic (= 2.2.0)
  haml
  has_scope
  high_voltage
  hoe (= 2.8.0)
  image_science
  inherited_resources
  jquery-rails (>= 1.0.12)
  json
  mime-types
  mini_magick
  mocha
  mysql
  paperclip (~> 2.4.5)
  passenger (= 2.2.11)
  query_trace
  rack (= 1.2.6)
  rails (= 3.0.20)
  rake (= 0.8.7)
  rmagick
  rspec
  rspec-rails
  rspec2-rails-views-matchers
  ruby-debug
  ruby_parser
  sass
  test-unit (= 1.2.3)
  thinking-sphinx
  tzinfo
  vlad (= 1.4.0)
  whenever
  will_paginate (= 2.3.15)
